GEM
  remote: https://rubygems.org/
  specs:
    addressable (2.5.1)
      public_suffix (~> 2.0, >= 2.0.2)
    byebug (9.0.6)
    capybara (2.14.0)
      addressable
      mime-types (>= 1.16)
      nokogiri (>= 1.3.3)
      rack (>= 1.0.0)
      rack-test (>= 0.5.4)
      xpath (~> 2.0)
    erubi (1.6.0)
    forme (1.6.0)
    mime-types (3.1)
      mime-types-data (~> 3.2015)
    mime-types-data (3.2016.0521)
    mini_portile2 (2.1.0)
    minitest (5.10.2)
    minitest-hooks (1.4.0)
    nokogiri (1.7.1)
      mini_portile2 (~> 2.1.0)
    pg (0.20.0)
    public_suffix (2.0.5)
    rack (2.0.3)
    rack-test (0.6.3)
      rack (>= 1.0)
    rack-unreloader (1.6.0)
    rack_csrf (2.6.0)
      rack (>= 1.1.0)
    rgeo (0.6.0)
    roda (2.26.0)
      rack
    sequel (4.47.0)
    sequel_pg (1.6.18)
      pg (>= 0.8.0)
      sequel (>= 4.0.0)
    tilt (2.0.7)
    xpath (2.1.0)
      nokogiri (~> 1.3)

PLATFORMS
  ruby

DEPENDENCIES
  byebug
  capybara
  erubi
  forme
  minitest (>= 5.7.0)
  minitest-hooks (>= 1.1.0)
  nokogiri (= 1.7.1)
  rack-unreloader
  rack_csrf
  rgeo
  roda
  sequel
  sequel_pg
  tilt (>= 2)

BUNDLED WITH
   1.14.6
